GIT
  remote: git://github.com/Compass/compass-rails.git
  revision: d600de4a6c5870613aac63f32491da4771a3c982
  specs:
    compass-rails (2.0.5)
      compass (~> 1.0.0)
      sass-rails (< 5.1)
      sprockets (< 2.13)

GIT
  remote: git://github.com/david135/activerecord-tableless.git
  revision: 800393c52bd254f812e89d75f028a5d0730e79d9
  specs:
    activerecord-tableless (1.3.4)
      activerecord (>= 2.3.0)

GIT
  remote: git://github.com/plataformatec/simple_form.git
  revision: eac1e0108e6c95e291c2065e7005e0cbcb4c2bac
  specs:
    simple_form (3.1.0)
      actionpack (~> 4.0)
      activemodel (~> 4.0)

GIT
  remote: git://github.com/rweng/jquery-datatables-rails.git
  revision: a2fafcb2c78d817c5ad849d834ed259a1b43c269
  specs:
    jquery-datatables-rails (3.3.0)
      actionpack (>= 3.1)
      jquery-rails
      railties (>= 3.1)
      sass-rails

GEM
  remote: https://rubygems.org/
  specs:
    actionmailer (4.1.12)
      actionpack (= 4.1.12)
      actionview (= 4.1.12)
      mail (~> 2.5, >= 2.5.4)
    actionpack (4.1.12)
      actionview (= 4.1.12)
      activesupport (= 4.1.12)
      rack (~> 1.5.2)
      rack-test (~> 0.6.2)
    actionview (4.1.12)
      activesupport (= 4.1.12)
      builder (~> 3.1)
      erubis (~> 2.7.0)
    activemodel (4.1.12)
      activesupport (= 4.1.12)
      builder (~> 3.1)
    activerecord (4.1.12)
      activemodel (= 4.1.12)
      activesupport (= 4.1.12)
      arel (~> 5.0.0)
    activesupport (4.1.12)
      i18n (~> 0.6, >= 0.6.9)
      json (~> 1.7, >= 1.7.7)
      minitest (~> 5.1)
      thread_safe (~> 0.1)
      tzinfo (~> 1.1)
    annotate (2.6.10)
      activerecord (>= 3.2, <= 4.3)
      rake (~> 10.4)
    arel (5.0.1.20140414130214)
    autoprefixer-rails (5.2.1.2)
      execjs
      json
    better_errors (2.1.1)
      coderay (>= 1.0.0)
      erubis (>= 2.6.6)
      rack (>= 0.9.0)
    binding_of_caller (0.7.2)
      debug_inspector (>= 0.0.1)
    bootstrap-sass (3.3.5.1)
      autoprefixer-rails (>= 5.0.0.1)
      sass (>= 3.3.0)
    builder (3.2.2)
    bullet (4.14.7)
      activesupport (>= 3.0.0)
      uniform_notifier (~> 1.9.0)
    byebug (5.0.0)
      columnize (= 0.9.0)
    capybara (2.4.4)
      mime-types (>= 1.16)
      nokogiri (>= 1.3.3)
      rack (>= 1.0.0)
      rack-test (>= 0.5.4)
      xpath (~> 2.0)
    chosen-rails (1.4.2)
      coffee-rails (>= 3.2)
      compass-rails (>= 2.0.4)
      railties (>= 3.0)
      sass-rails (>= 3.2)
    chunky_png (1.3.4)
    coderay (1.1.0)
    coffee-rails (4.1.0)
      coffee-script (>= 2.2.0)
      railties (>= 4.0.0, < 5.0)
    coffee-script (2.4.1)
      coffee-script-source
      execjs
    coffee-script-source (1.9.1.1)
    columnize (0.9.0)
    compass (1.0.3)
      chunky_png (~> 1.2)
      compass-core (~> 1.0.2)
      compass-import-once (~> 1.0.5)
      rb-fsevent (>= 0.9.3)
      rb-inotify (>= 0.9)
      sass (>= 3.3.13, < 3.5)
    compass-core (1.0.3)
      multi_json (~> 1.0)
      sass (>= 3.3.0, < 3.5)
    compass-import-once (1.0.5)
      sass (>= 3.2, < 3.5)
    debug_inspector (0.0.2)
    erubis (2.7.0)
    execjs (2.6.0)
    ffi (1.9.10)
    font-awesome-rails (4.4.0.0)
      railties (>= 3.2, < 5.0)
    hike (1.2.3)
    hirb (0.7.3)
    i18n (0.7.0)
    jbuilder (2.3.1)
      activesupport (>= 3.0.0, < 5)
      multi_json (~> 1.2)
    jquery-rails (3.1.3)
      railties (>= 3.0, < 5.0)
      thor (>= 0.14, < 2.0)
    jquery-ui-rails (5.0.5)
      railties (>= 3.2.16)
    json (1.8.3)
    lodash-rails (3.10.0)
      railties (>= 3.1)
    mail (2.6.3)
      mime-types (>= 1.16, < 3)
    mime-types (2.6.1)
    mini_portile (0.6.2)
    minitest (5.8.0)
    minitest-capybara (0.7.2)
      capybara (~> 2.2)
      minitest (~> 5.0)
      rake
    minitest-metadata (0.5.3)
      minitest (>= 4.7, < 6.0)
    minitest-rails (2.2.0)
      minitest (~> 5.7)
      railties (~> 4.1)
    minitest-rails-capybara (2.1.1)
      capybara (~> 2.0)
      minitest-capybara (~> 0.7.0)
      minitest-metadata (~> 0.5.0)
      minitest-rails (~> 2.1)
    multi_json (1.11.2)
    mysql2 (0.3.19)
    nokogiri (1.6.6.2)
      mini_portile (~> 0.6.0)
    quiet_assets (1.1.0)
      railties (>= 3.1, < 5.0)
    rack (1.5.5)
    rack-test (0.6.3)
      rack (>= 1.0)
    rails (4.1.12)
      actionmailer (= 4.1.12)
      actionpack (= 4.1.12)
      actionview (= 4.1.12)
      activemodel (= 4.1.12)
      activerecord (= 4.1.12)
      activesupport (= 4.1.12)
      bundler (>= 1.3.0, < 2.0)
      railties (= 4.1.12)
      sprockets-rails (~> 2.0)
    rails3-jquery-autocomplete (1.0.15)
      rails (>= 3.2)
    rails_12factor (0.0.3)
      rails_serve_static_assets
      rails_stdout_logging
    rails_serve_static_assets (0.0.4)
    rails_stdout_logging (0.0.3)
    railties (4.1.12)
      actionpack (= 4.1.12)
      activesupport (= 4.1.12)
      rake (>= 0.8.7)
      thor (>= 0.18.1, < 2.0)
    rake (10.4.2)
    rb-fsevent (0.9.5)
    rb-inotify (0.9.5)
      ffi (>= 0.5.0)
    rdoc (4.2.0)
    roo (2.1.1)
      nokogiri (~> 1)
      rubyzip (~> 1.1, < 2.0.0)
    roo-xls (1.0.0)
      nokogiri
      roo (>= 2.0.0beta1, < 3)
      spreadsheet (> 0.9.0)
    ruby-ole (1.2.11.8)
    rubyzip (1.1.7)
    sass (3.4.16)
    sass-rails (5.0.3)
      railties (>= 4.0.0, < 5.0)
      sass (~> 3.1)
      sprockets (>= 2.8, < 4.0)
      sprockets-rails (>= 2.0, < 4.0)
      tilt (~> 1.1)
    sdoc (0.4.1)
      json (~> 1.7, >= 1.7.7)
      rdoc (~> 4.0)
    spreadsheet (1.0.4)
      ruby-ole (>= 1.0)
    spring (1.3.6)
    sprockets (2.12.4)
      hike (~> 1.2)
      multi_json (~> 1.0)
      rack (~> 1.0)
      tilt (~> 1.1, != 1.3.0)
    sprockets-rails (2.3.2)
      actionpack (>= 3.0)
      activesupport (>= 3.0)
      sprockets (>= 2.8, < 4.0)
    sqlite3 (1.3.10)
    thor (0.19.1)
    thread_safe (0.3.5)
    tilt (1.4.1)
    to_xls-rails (1.3.1)
      spreadsheet (>= 0.8.5)
    turbolinks (2.5.3)
      coffee-rails
    tzinfo (1.2.2)
      thread_safe (~> 0.1)
    uglifier (2.7.1)
      execjs (>= 0.3.0)
      json (>= 1.8.0)
    underscore-rails (1.8.3)
    uniform_notifier (1.9.0)
    xpath (2.0.0)
      nokogiri (~> 1.3)

PLATFORMS
  ruby

DEPENDENCIES
  activerecord (~> 4.1.0)
  activerecord-tableless (~> 1.0)!
  annotate
  better_errors
  binding_of_caller
  bootstrap-sass (~> 3.3.4)
  bullet
  byebug
  chosen-rails
  coffee-rails (~> 4.1.0)
  compass-rails!
  font-awesome-rails
  hirb
  jbuilder (~> 2.0)
  jquery-datatables-rails!
  jquery-rails
  jquery-ui-rails
  lodash-rails
  minitest-rails
  minitest-rails-capybara
  mysql2
  quiet_assets
  rails (~> 4.1.0)
  rails3-jquery-autocomplete
  rails_12factor
  roo-xls
  sass-rails (~> 5.0)
  sdoc (~> 0.4.0)
  simple_form (~> 3.1.0.rc1)!
  spring
  sqlite3
  to_xls-rails
  turbolinks
  uglifier (>= 1.3.0)
  underscore-rails

BUNDLED WITH
   1.10.2
